PATH
  remote: .
  specs:
    Resolutions (0.1.0)
      chunky_png

GEM
  remote: https://rubygems.org/
  specs:
    chunky_png (1.3.11)
    minitest (5.10.3)
    rake (12.3.3)

PLATFORMS
  ruby

DEPENDENCIES
  Resolutions!
  minitest (~> 5.0)
  rake (~> 12.0)

BUNDLED WITH
   2.1.4
